GEM
  remote: http://rubygems.org/
  specs:
    json (2.1.0)
    mustermann (1.0.1)
    rack (2.0.3)
    rack-protection (2.0.0)
      rack
    sinatra (2.0.0)
      mustermann (~> 1.0)
      rack (~> 2.0)
      rack-protection (= 2.0.0)
      tilt (~> 2.0)
    sqlite3 (1.3.13-x64-mingw32)
    tilt (2.0.8)

PLATFORMS
  x64-mingw32

DEPENDENCIES
  json
  sinatra
  sqlite3

BUNDLED WITH
   1.16.0
